GEM
  remote: http://rubygems.org/
  specs:
    albacore (0.3.5)
      rubyzip
    rake (0.9.6)
    rubyzip (1.0.0)

PLATFORMS
  x86-mingw32

DEPENDENCIES
  albacore (~> 0.3.5)
  rake (~> 0.9.6)
